GEM
  remote: https://rubygems.org/
  specs:
    dotenv (2.8.1)
    pg (1.4.4)
    table_print (1.5.7)

PLATFORMS
  x86_64-linux

DEPENDENCIES
  dotenv
  pg
  table_print

RUBY VERSION
   ruby 3.1.2p20

BUNDLED WITH
   2.3.12
