GEM
  remote: https://rubygems.org/
  specs:
    pg (1.4.4)

PLATFORMS
  x86_64-linux

DEPENDENCIES
  pg

RUBY VERSION
   ruby 3.1.2p20

BUNDLED WITH
   2.3.12
